GEM
  remote: https://rubygems.org/
  specs:
    airrecord (1.0.12)
      faraday (>= 1.0, < 3.0)
      faraday-net_http_persistent
      net-http-persistent
    base64 (0.2.0)
    byebug (11.1.3)
    connection_pool (2.4.1)
    csv (3.3.0)
    dotenv (2.8.1)
    faraday (2.8.1)
      base64
      faraday-net_http (>= 2.0, < 3.1)
      ruby2_keywords (>= 0.0.4)
    faraday-net_http (3.0.2)
    faraday-net_http_persistent (2.1.0)
      faraday (~> 2.5)
      net-http-persistent (~> 4.0)
    httparty (0.22.0)
      csv
      mini_mime (>= 1.0.0)
      multi_xml (>= 0.5.2)
    mini_mime (1.1.5)
    multi_xml (0.6.0)
    net-http-persistent (4.0.2)
      connection_pool (~> 2.2)
    ruby2_keywords (0.0.5)

PLATFORMS
  x64-mingw32
  x86-mingw32

DEPENDENCIES
  airrecord
  byebug
  dotenv
  httparty

BUNDLED WITH
   2.2.32
